GEM
  remote: https://rubygems.org/
  specs:
    backports (3.11.4)
    coderay (1.1.2)
    daru (0.2.1)
      backports
      packable (~> 1.3.9)
    kramdown (1.17.0)
    method_source (0.9.0)
    numo-gnuplot (0.2.4)
    numo-narray (0.9.1.3)
    packable (1.3.10)
      backports
    pry (0.11.3)
      coderay (~> 1.1.0)
      method_source (~> 0.9.0)

PLATFORMS
  ruby

DEPENDENCIES
  daru
  kramdown
  numo-gnuplot
  numo-narray
  pry

BUNDLED WITH
   1.16.0.pre.3
