PATH
  remote: .
  specs:
    rubydown (0.1.0)
      daru
      kramdown
      numo-gnuplot
      numo-narray
      pry

GEM
  remote: https://rubygems.org/
  specs:
    backports (3.11.4)
    coderay (1.1.2)
    daru (0.2.1)
      backports
      packable (~> 1.3.9)
    kramdown (1.17.0)
    method_source (0.9.2)
    numo-gnuplot (0.2.4)
    numo-narray (0.9.1.3)
    packable (1.3.10)
      backports
    power_assert (1.1.3)
    pry (0.12.2)
      coderay (~> 1.1.0)
      method_source (~> 0.9.0)
    rake (10.5.0)
    test-unit (3.2.9)
      power_assert

PLATFORMS
  ruby

DEPENDENCIES
  bundler (~> 1.17)
  rake (~> 10.0)
  rubydown!
  test-unit

BUNDLED WITH
   1.17.3
